GEM
  remote: http://rubygems.org/
  specs:
    actionpack (2.3.12)
      activesupport (= 2.3.12)
      rack (~> 1.1.0)
    activerecord (2.3.12)
      activesupport (= 2.3.12)
    activesupport (2.3.12)
    mocha (0.9.12)
    mysql (2.8.1)
    pg (0.11.0)
    postgres (0.7.9.2008.01.28)
    rack (1.1.2)
    rake (0.8.7)
    sqlite3-ruby (1.3.1)

PLATFORMS
  ruby

DEPENDENCIES
  actionpack (~> 2.3.6)
  activerecord (~> 2.3.6)
  mocha
  mysql
  pg
  postgres
  rake (~> 0.8.7)
  sqlite3-ruby (= 1.3.1)
